GEM
  specs:
    jekyll-json (0.0.1)

PLATFORMS
  ruby

DEPENDENCIES
  jekyll-json

BUNDLED WITH
   1.11.2
